GEM
  remote: http://rubygems.org/
  specs:
    open4 (1.3.0)
    uuidtools (2.1.2)

PLATFORMS
  ruby

DEPENDENCIES
  open4
  uuidtools
